GEM
  remote: https://rubygems.org/
  specs:
    byebug (9.0.6)
    rake (12.0.0)
    ripper-tags (0.3.3)

PLATFORMS
  ruby

DEPENDENCIES
  byebug!
  rake!
  ripper-tags!

BUNDLED WITH
   1.13.1
